STORAGE: NONE
RESTRICTION: == net6.0
NUGET
  remote: https://api.nuget.org/v3/index.json
    Akka (1.4.43)
      Microsoft.Extensions.ObjectPool (>= 5.0.5)
      Newtonsoft.Json (>= 12.0.3)
      System.Collections.Immutable (>= 5.0)
      System.Configuration.ConfigurationManager (>= 4.7)
      System.Reflection.Emit (>= 4.7)
      System.Threading.Channels (>= 5.0)
    Akka.TestKit (1.4.43)
      Akka (>= 1.4.43)
    Akka.TestKit.Xunit2 (1.4.43)
      Akka.TestKit (>= 1.4.43)
      xunit (>= 2.4.1)
    AutoFixture (4.17)
      Fare (>= 2.1.1 < 3.0)
      System.ComponentModel.Annotations (>= 4.3)
    Castle.Core (5.1)
      System.Diagnostics.EventLog (>= 6.0)
    coverlet.collector (3.1.2)
    Docker.DotNet (3.125.12)
      Newtonsoft.Json (>= 13.0.1)
      System.Buffers (>= 4.5.1)
      System.Threading.Tasks.Extensions (>= 4.5.4)
    Ecng.Collections (1.0.117)
      Ecng.Common (>= 1.0.114)
      Ecng.PowerCollections (>= 1.0.42)
      morelinq (>= 3.3.2)
    Ecng.Common (1.0.114)
      Ecng.SmartFormat (>= 1.0.13)
      Microsoft.Extensions.Logging.Abstractions (>= 6.0.1)
      Nito.AsyncEx (>= 5.1.2)
      System.Reflection.Emit.Lightweight (>= 4.7)
      System.Text.Encoding.CodePages (>= 6.0)
    Ecng.Compilation (1.0.11)
      System.CodeDom (>= 6.0)
    Ecng.ComponentModel (1.0.144)
      Ecng.Compilation (>= 1.0.11)
      Ecng.Serialization (>= 1.0.128)
      Ecng.System.ComponentModel.Annotations (>= 5.0)
    Ecng.Configuration (1.0.114)
      Ecng.Common (>= 1.0.114)
      System.Configuration.ConfigurationManager (>= 6.0)
    Ecng.Interop (1.0.145)
      Ecng.ComponentModel (>= 1.0.144)
      System.Management (>= 6.0)
    Ecng.IO (1.0.119)
      Ecng.Common (>= 1.0.114)
      Ecng.Lzma (>= 1.0.42)
    Ecng.Localization (1.0.119)
      Ecng.Common (>= 1.0.114)
      Newtonsoft.Json (>= 13.0.1)
    Ecng.Lzma (1.0.42)
      NETStandard.Library (>= 2.0.3)
    Ecng.Net (1.0.174)
      Ecng.ComponentModel (>= 1.0.144)
      Microsoft.AspNet.WebApi.Client (>= 5.2.7)
      Microsoft.CSharp (>= 4.7)
      Microsoft.Net.Http.Headers (>= 2.2.8)
    Ecng.PowerCollections (1.0.42)
      NETStandard.Library (>= 2.0.3)
    Ecng.Reflection (1.0.118)
      Ecng.Collections (>= 1.0.117)
      Lokad.ILPack (>= 0.1.7)
      System.Reflection.Emit (>= 4.7)
    Ecng.Security (1.0.119)
      Ecng.Reflection (>= 1.0.118)
      System.Security.Cryptography.ProtectedData (>= 6.0)
      System.Security.Permissions (>= 6.0)
    Ecng.Serialization (1.0.128)
      Ecng.Security (>= 1.0.119)
      Newtonsoft.Json (>= 13.0.1)
    Ecng.SmartFormat (1.0.13)
      Newtonsoft.Json (>= 13.0.1)
      System.Text.Json (>= 6.0.5)
    Ecng.StringSearch (1.0.74)
      Ecng.Collections (>= 1.0.117)
    Ecng.System.ComponentModel.Annotations (5.0)
    Fare (2.2.1)
    FluentAssertions (6.7)
      System.Configuration.ConfigurationManager (>= 4.4)
    LanguageExt.Core (4.2.9)
      Microsoft.Bcl.AsyncInterfaces (>= 5.0)
      Microsoft.CSharp (>= 4.7)
      System.Diagnostics.Contracts (>= 4.3)
      System.Linq (>= 4.3)
      System.Linq.Queryable (>= 4.3)
      System.Memory (>= 4.5.4)
      System.Reflection.Emit (>= 4.3)
      System.Reflection.Emit.Lightweight (>= 4.3)
      System.Threading.Tasks.Extensions (>= 4.5.4)
      System.ValueTuple (>= 4.5)
    Leaf.xNet (5.2.10)
    Lokad.ILPack (0.2)
      System.Reflection.Emit (>= 4.7)
      System.Reflection.Emit.Lightweight (>= 4.7)
      System.Reflection.Metadata (>= 6.0.1)
    MathNet.Numerics (5.0)
    Microsoft.AspNet.WebApi.Client (5.2.9)
      Newtonsoft.Json (>= 10.0.1)
      Newtonsoft.Json.Bson (>= 1.0.1)
    Microsoft.AspNetCore.Mvc.Testing (6.0.9)
      Microsoft.AspNetCore.TestHost (>= 6.0.9)
      Microsoft.Extensions.DependencyModel (>= 6.0)
      Microsoft.Extensions.Hosting (>= 6.0.1)
    Microsoft.AspNetCore.TestHost (6.0.9)
      System.IO.Pipelines (>= 6.0.3)
    Microsoft.Bcl.AsyncInterfaces (6.0)
    Microsoft.CodeCoverage (17.3.2)
    Microsoft.CSharp (4.7)
    Microsoft.Extensions.Configuration (6.0.1)
      Microsoft.Extensions.Configuration.Abstractions (>= 6.0)
      Microsoft.Extensions.Primitives (>= 6.0)
    Microsoft.Extensions.Configuration.Abstractions (6.0)
      Microsoft.Extensions.Primitives (>= 6.0)
    Microsoft.Extensions.Configuration.Binder (6.0)
      Microsoft.Extensions.Configuration.Abstractions (>= 6.0)
    Microsoft.Extensions.Configuration.CommandLine (6.0)
      Microsoft.Extensions.Configuration (>= 6.0)
      Microsoft.Extensions.Configuration.Abstractions (>= 6.0)
    Microsoft.Extensions.Configuration.EnvironmentVariables (6.0.1)
      Microsoft.Extensions.Configuration (>= 6.0)
      Microsoft.Extensions.Configuration.Abstractions (>= 6.0)
    Microsoft.Extensions.Configuration.FileExtensions (6.0)
      Microsoft.Extensions.Configuration (>= 6.0)
      Microsoft.Extensions.Configuration.Abstractions (>= 6.0)
      Microsoft.Extensions.FileProviders.Abstractions (>= 6.0)
      Microsoft.Extensions.FileProviders.Physical (>= 6.0)
      Microsoft.Extensions.Primitives (>= 6.0)
    Microsoft.Extensions.Configuration.Json (6.0)
      Microsoft.Extensions.Configuration (>= 6.0)
      Microsoft.Extensions.Configuration.Abstractions (>= 6.0)
      Microsoft.Extensions.Configuration.FileExtensions (>= 6.0)
      Microsoft.Extensions.FileProviders.Abstractions (>= 6.0)
      System.Text.Json (>= 6.0)
    Microsoft.Extensions.Configuration.UserSecrets (6.0.1)
      Microsoft.Extensions.Configuration.Abstractions (>= 6.0)
      Microsoft.Extensions.Configuration.Json (>= 6.0)
      Microsoft.Extensions.FileProviders.Abstractions (>= 6.0)
      Microsoft.Extensions.FileProviders.Physical (>= 6.0)
    Microsoft.Extensions.DependencyInjection (6.0)
      Microsoft.Extensions.DependencyInjection.Abstractions (>= 6.0)
      System.Runtime.CompilerServices.Unsafe (>= 6.0)
    Microsoft.Extensions.DependencyInjection.Abstractions (6.0)
    Microsoft.Extensions.DependencyModel (6.0)
      System.Buffers (>= 4.5.1)
      System.Memory (>= 4.5.4)
      System.Runtime.CompilerServices.Unsafe (>= 6.0)
      System.Text.Encodings.Web (>= 6.0)
      System.Text.Json (>= 6.0)
    Microsoft.Extensions.FileProviders.Abstractions (6.0)
      Microsoft.Extensions.Primitives (>= 6.0)
    Microsoft.Extensions.FileProviders.Physical (6.0)
      Microsoft.Extensions.FileProviders.Abstractions (>= 6.0)
      Microsoft.Extensions.FileSystemGlobbing (>= 6.0)
      Microsoft.Extensions.Primitives (>= 6.0)
    Microsoft.Extensions.FileSystemGlobbing (6.0)
    Microsoft.Extensions.Hosting (6.0.1)
      Microsoft.Extensions.Configuration (>= 6.0)
      Microsoft.Extensions.Configuration.Abstractions (>= 6.0)
      Microsoft.Extensions.Configuration.Binder (>= 6.0)
      Microsoft.Extensions.Configuration.CommandLine (>= 6.0)
      Microsoft.Extensions.Configuration.EnvironmentVariables (>= 6.0.1)
      Microsoft.Extensions.Configuration.FileExtensions (>= 6.0)
      Microsoft.Extensions.Configuration.Json (>= 6.0)
      Microsoft.Extensions.Configuration.UserSecrets (>= 6.0.1)
      Microsoft.Extensions.DependencyInjection (>= 6.0)
      Microsoft.Extensions.DependencyInjection.Abstractions (>= 6.0)
      Microsoft.Extensions.FileProviders.Abstractions (>= 6.0)
      Microsoft.Extensions.FileProviders.Physical (>= 6.0)
      Microsoft.Extensions.Hosting.Abstractions (>= 6.0)
      Microsoft.Extensions.Logging (>= 6.0)
      Microsoft.Extensions.Logging.Abstractions (>= 6.0)
      Microsoft.Extensions.Logging.Configuration (>= 6.0)
      Microsoft.Extensions.Logging.Console (>= 6.0)
      Microsoft.Extensions.Logging.Debug (>= 6.0)
      Microsoft.Extensions.Logging.EventLog (>= 6.0)
      Microsoft.Extensions.Logging.EventSource (>= 6.0)
      Microsoft.Extensions.Options (>= 6.0)
    Microsoft.Extensions.Hosting.Abstractions (6.0)
      Microsoft.Extensions.Configuration.Abstractions (>= 6.0)
      Microsoft.Extensions.DependencyInjection.Abstractions (>= 6.0)
      Microsoft.Extensions.FileProviders.Abstractions (>= 6.0)
    Microsoft.Extensions.Logging (6.0)
      Microsoft.Extensions.DependencyInjection (>= 6.0)
      Microsoft.Extensions.DependencyInjection.Abstractions (>= 6.0)
      Microsoft.Extensions.Logging.Abstractions (>= 6.0)
      Microsoft.Extensions.Options (>= 6.0)
      System.Diagnostics.DiagnosticSource (>= 6.0)
    Microsoft.Extensions.Logging.Abstractions (6.0.2)
    Microsoft.Extensions.Logging.Configuration (6.0)
      Microsoft.Extensions.Configuration (>= 6.0)
      Microsoft.Extensions.Configuration.Abstractions (>= 6.0)
      Microsoft.Extensions.Configuration.Binder (>= 6.0)
      Microsoft.Extensions.DependencyInjection.Abstractions (>= 6.0)
      Microsoft.Extensions.Logging (>= 6.0)
      Microsoft.Extensions.Logging.Abstractions (>= 6.0)
      Microsoft.Extensions.Options (>= 6.0)
      Microsoft.Extensions.Options.ConfigurationExtensions (>= 6.0)
    Microsoft.Extensions.Logging.Console (6.0)
      Microsoft.Extensions.DependencyInjection.Abstractions (>= 6.0)
      Microsoft.Extensions.Logging (>= 6.0)
      Microsoft.Extensions.Logging.Abstractions (>= 6.0)
      Microsoft.Extensions.Logging.Configuration (>= 6.0)
      Microsoft.Extensions.Options (>= 6.0)
      System.Text.Json (>= 6.0)
    Microsoft.Extensions.Logging.Debug (6.0)
      Microsoft.Extensions.DependencyInjection.Abstractions (>= 6.0)
      Microsoft.Extensions.Logging (>= 6.0)
      Microsoft.Extensions.Logging.Abstractions (>= 6.0)
    Microsoft.Extensions.Logging.EventLog (6.0)
      Microsoft.Extensions.DependencyInjection.Abstractions (>= 6.0)
      Microsoft.Extensions.Logging (>= 6.0)
      Microsoft.Extensions.Logging.Abstractions (>= 6.0)
      Microsoft.Extensions.Options (>= 6.0)
      System.Diagnostics.EventLog (>= 6.0)
    Microsoft.Extensions.Logging.EventSource (6.0)
      Microsoft.Extensions.DependencyInjection.Abstractions (>= 6.0)
      Microsoft.Extensions.Logging (>= 6.0)
      Microsoft.Extensions.Logging.Abstractions (>= 6.0)
      Microsoft.Extensions.Options (>= 6.0)
      Microsoft.Extensions.Primitives (>= 6.0)
      System.Runtime.CompilerServices.Unsafe (>= 6.0)
      System.Text.Json (>= 6.0)
    Microsoft.Extensions.ObjectPool (6.0.9)
    Microsoft.Extensions.Options (6.0)
      Microsoft.Extensions.DependencyInjection.Abstractions (>= 6.0)
      Microsoft.Extensions.Primitives (>= 6.0)
    Microsoft.Extensions.Options.ConfigurationExtensions (6.0)
      Microsoft.Extensions.Configuration.Abstractions (>= 6.0)
      Microsoft.Extensions.Configuration.Binder (>= 6.0)
      Microsoft.Extensions.DependencyInjection.Abstractions (>= 6.0)
      Microsoft.Extensions.Options (>= 6.0)
      Microsoft.Extensions.Primitives (>= 6.0)
    Microsoft.Extensions.Primitives (6.0)
      System.Runtime.CompilerServices.Unsafe (>= 6.0)
    Microsoft.Net.Http.Headers (2.2.8)
      Microsoft.Extensions.Primitives (>= 2.2)
      System.Buffers (>= 4.5)
    Microsoft.NET.Test.Sdk (17.3.2)
      Microsoft.CodeCoverage (>= 17.3.2)
      Microsoft.TestPlatform.TestHost (>= 17.3.2)
    Microsoft.NETCore.Platforms (6.0.5)
    Microsoft.NETCore.Targets (5.0)
    Microsoft.TestPlatform.ObjectModel (17.3.2)
      NuGet.Frameworks (>= 5.11)
      System.Reflection.Metadata (>= 1.6)
    Microsoft.TestPlatform.TestHost (17.3.2)
      Microsoft.TestPlatform.ObjectModel (>= 17.3.2)
      Newtonsoft.Json (>= 9.0.1)
    Microsoft.Win32.SystemEvents (6.0.1)
    Moq (4.18.2)
      Castle.Core (>= 5.1)
    morelinq (3.3.2)
    NETStandard.Library (2.0.3)
      Microsoft.NETCore.Platforms (>= 1.1)
    Newtonsoft.Json (13.0.1)
    Newtonsoft.Json.Bson (1.0.2)
      Newtonsoft.Json (>= 12.0.1)
    Nito.AsyncEx (5.1.2)
      Nito.AsyncEx.Context (>= 5.1.2)
      Nito.AsyncEx.Coordination (>= 5.1.2)
      Nito.AsyncEx.Interop.WaitHandles (>= 5.1.2)
      Nito.AsyncEx.Oop (>= 5.1.2)
      Nito.AsyncEx.Tasks (>= 5.1.2)
      Nito.Cancellation (>= 1.1.2)
    Nito.AsyncEx.Context (5.1.2)
      Nito.AsyncEx.Tasks (>= 5.1.2)
    Nito.AsyncEx.Coordination (5.1.2)
      Nito.AsyncEx.Tasks (>= 5.1.2)
      Nito.Collections.Deque (>= 1.1.1)
    Nito.AsyncEx.Interop.WaitHandles (5.1.2)
      Nito.AsyncEx.Tasks (>= 5.1.2)
    Nito.AsyncEx.Oop (5.1.2)
      Nito.AsyncEx.Coordination (>= 5.1.2)
    Nito.AsyncEx.Tasks (5.1.2)
      Nito.Disposables (>= 2.2.1)
    Nito.Cancellation (1.1.2)
      Nito.Disposables (>= 2.2.1)
    Nito.Collections.Deque (1.1.1)
    Nito.Disposables (2.3)
      System.Collections.Immutable (>= 1.7.1)
    NuGet.Common (6.3)
      NuGet.Frameworks (>= 6.3)
    NuGet.Configuration (6.3)
      NuGet.Common (>= 6.3)
      System.Security.Cryptography.ProtectedData (>= 4.4)
    NuGet.Frameworks (6.3)
    Ogooreck (0.5.1)
      FluentAssertions (>= 6.7)
      Microsoft.AspNetCore.Mvc.Testing (>= 6.0.6)
      Newtonsoft.Json (>= 13.0.1)
    RabbitMQ.Stream.Client (1.0.0-rc.5)
      System.IO.Pipelines (>= 6.0.2)
    SharpZipLib (1.4)
    StockSharp.Algo (5.0.134)
      Ecng.Compilation (>= 1.0.11)
      Ecng.Interop (>= 1.0.142)
      Ecng.IO (>= 1.0.117)
      Ecng.Net (>= 1.0.172)
      Ecng.StringSearch (>= 1.0.73)
      MathNet.Numerics (>= 5.0)
      Microsoft.CSharp (>= 4.7)
      NETStandard.Library (>= 2.0.3)
      StockSharp.BusinessEntities (>= 5.0.129)
      StockSharp.Configuration (>= 5.0.133)
    StockSharp.BusinessEntities (5.0.129)
      NETStandard.Library (>= 2.0.3)
      StockSharp.Messages (>= 5.0.132)
    StockSharp.Configuration (5.0.133)
      NETStandard.Library (>= 2.0.3)
      NuGet.Configuration (>= 6.3)
      StockSharp.Messages (>= 5.0.132)
    StockSharp.Localization (5.0.131)
      Ecng.ComponentModel (>= 1.0.142)
      Ecng.Configuration (>= 1.0.113)
      Ecng.Localization (>= 1.0.118)
      NETStandard.Library (>= 2.0.3)
    StockSharp.Logging (5.0.129)
      NETStandard.Library (>= 2.0.3)
      StockSharp.Localization (>= 5.0.131)
    StockSharp.Messages (5.0.132)
      Ecng.Serialization (>= 1.0.127)
      StockSharp.Logging (>= 5.0.129)
    StockSharp.Yahoo (5.0.121)
      Leaf.xNet (>= 5.2.10)
      NETStandard.Library (>= 2.0.3)
      StockSharp.Algo (>= 5.0.134)
    System.Buffers (4.5.1)
    System.CodeDom (6.0)
    System.Collections (4.3)
      Microsoft.NETCore.Platforms (>= 1.1)
      Microsoft.NETCore.Targets (>= 1.1)
      System.Runtime (>= 4.3)
    System.Collections.Immutable (6.0)
      System.Runtime.CompilerServices.Unsafe (>= 6.0)
    System.ComponentModel.Annotations (5.0)
    System.Configuration.ConfigurationManager (6.0.1)
      System.Security.Cryptography.ProtectedData (>= 6.0)
      System.Security.Permissions (>= 6.0)
    System.Diagnostics.Contracts (4.3)
      System.Runtime (>= 4.3)
    System.Diagnostics.Debug (4.3)
      Microsoft.NETCore.Platforms (>= 1.1)
      Microsoft.NETCore.Targets (>= 1.1)
      System.Runtime (>= 4.3)
    System.Diagnostics.DiagnosticSource (6.0)
      System.Runtime.CompilerServices.Unsafe (>= 6.0)
    System.Diagnostics.EventLog (6.0)
    System.Drawing.Common (6.0)
      Microsoft.Win32.SystemEvents (>= 6.0)
    System.Globalization (4.3)
      Microsoft.NETCore.Platforms (>= 1.1)
      Microsoft.NETCore.Targets (>= 1.1)
      System.Runtime (>= 4.3)
    System.IO (4.3)
      Microsoft.NETCore.Platforms (>= 1.1)
      Microsoft.NETCore.Targets (>= 1.1)
      System.Runtime (>= 4.3)
      System.Text.Encoding (>= 4.3)
      System.Threading.Tasks (>= 4.3)
    System.IO.Pipelines (6.0.3)
    System.Linq (4.3)
      System.Collections (>= 4.3)
      System.Diagnostics.Debug (>= 4.3)
      System.Resources.ResourceManager (>= 4.3)
      System.Runtime (>= 4.3)
      System.Runtime.Extensions (>= 4.3)
    System.Linq.Expressions (4.3)
      System.Collections (>= 4.3)
      System.Diagnostics.Debug (>= 4.3)
      System.Globalization (>= 4.3)
      System.IO (>= 4.3)
      System.Linq (>= 4.3)
      System.ObjectModel (>= 4.3)
      System.Reflection (>= 4.3)
      System.Reflection.Emit (>= 4.3)
      System.Reflection.Emit.ILGeneration (>= 4.3)
      System.Reflection.Emit.Lightweight (>= 4.3)
      System.Reflection.Extensions (>= 4.3)
      System.Reflection.Primitives (>= 4.3)
      System.Reflection.TypeExtensions (>= 4.3)
      System.Resources.ResourceManager (>= 4.3)
      System.Runtime (>= 4.3)
      System.Runtime.Extensions (>= 4.3)
      System.Threading (>= 4.3)
    System.Linq.Queryable (4.3)
      System.Collections (>= 4.3)
      System.Diagnostics.Debug (>= 4.3)
      System.Linq (>= 4.3)
      System.Linq.Expressions (>= 4.3)
      System.Reflection (>= 4.3)
      System.Reflection.Extensions (>= 4.3)
      System.Resources.ResourceManager (>= 4.3)
      System.Runtime (>= 4.3)
    System.Management (6.0)
      System.CodeDom (>= 6.0)
    System.Memory (4.5.5)
    System.ObjectModel (4.3)
      System.Collections (>= 4.3)
      System.Diagnostics.Debug (>= 4.3)
      System.Resources.ResourceManager (>= 4.3)
      System.Runtime (>= 4.3)
      System.Threading (>= 4.3)
    System.Reflection (4.3)
      Microsoft.NETCore.Platforms (>= 1.1)
      Microsoft.NETCore.Targets (>= 1.1)
      System.IO (>= 4.3)
      System.Reflection.Primitives (>= 4.3)
      System.Runtime (>= 4.3)
    System.Reflection.Emit (4.7)
    System.Reflection.Emit.ILGeneration (4.7)
    System.Reflection.Emit.Lightweight (4.7)
    System.Reflection.Extensions (4.3)
      Microsoft.NETCore.Platforms (>= 1.1)
      Microsoft.NETCore.Targets (>= 1.1)
      System.Reflection (>= 4.3)
      System.Runtime (>= 4.3)
    System.Reflection.Metadata (6.0.1)
      System.Collections.Immutable (>= 6.0)
    System.Reflection.Primitives (4.3)
      Microsoft.NETCore.Platforms (>= 1.1)
      Microsoft.NETCore.Targets (>= 1.1)
      System.Runtime (>= 4.3)
    System.Reflection.TypeExtensions (4.7)
    System.Resources.ResourceManager (4.3)
      Microsoft.NETCore.Platforms (>= 1.1)
      Microsoft.NETCore.Targets (>= 1.1)
      System.Globalization (>= 4.3)
      System.Reflection (>= 4.3)
      System.Runtime (>= 4.3)
    System.Runtime (4.3.1)
      Microsoft.NETCore.Platforms (>= 1.1.1)
      Microsoft.NETCore.Targets (>= 1.1.3)
    System.Runtime.CompilerServices.Unsafe (6.0)
    System.Runtime.Extensions (4.3.1)
      Microsoft.NETCore.Platforms (>= 1.1.1)
      Microsoft.NETCore.Targets (>= 1.1.3)
      System.Runtime (>= 4.3.1)
    System.Security.AccessControl (6.0)
    System.Security.Cryptography.ProtectedData (6.0)
    System.Security.Permissions (6.0)
      System.Security.AccessControl (>= 6.0)
      System.Windows.Extensions (>= 6.0)
    System.Text.Encoding (4.3)
      Microsoft.NETCore.Platforms (>= 1.1)
      Microsoft.NETCore.Targets (>= 1.1)
      System.Runtime (>= 4.3)
    System.Text.Encoding.CodePages (6.0)
      System.Runtime.CompilerServices.Unsafe (>= 6.0)
    System.Text.Encodings.Web (6.0)
      System.Runtime.CompilerServices.Unsafe (>= 6.0)
    System.Text.Json (6.0.6)
      System.Runtime.CompilerServices.Unsafe (>= 6.0)
      System.Text.Encodings.Web (>= 6.0)
    System.Threading (4.3)
      System.Runtime (>= 4.3)
      System.Threading.Tasks (>= 4.3)
    System.Threading.Channels (6.0)
    System.Threading.Tasks (4.3)
      Microsoft.NETCore.Platforms (>= 1.1)
      Microsoft.NETCore.Targets (>= 1.1)
      System.Runtime (>= 4.3)
    System.Threading.Tasks.Extensions (4.5.4)
    System.ValueTuple (4.5)
    System.Windows.Extensions (6.0)
      System.Drawing.Common (>= 6.0)
    Testcontainers (2.1)
      Docker.DotNet (>= 3.125.10)
      Microsoft.Bcl.AsyncInterfaces (>= 1.1.1)
      Microsoft.Extensions.Logging.Abstractions (>= 3.1.26)
      SharpZipLib (>= 1.3.3)
      System.Text.Json (>= 4.7.2)
    xunit (2.4.2)
      xunit.analyzers (>= 1.0)
      xunit.assert (>= 2.4.2)
      xunit.core (2.4.2)
    xunit.abstractions (2.0.3)
    xunit.analyzers (1.0)
    xunit.assert (2.4.2)
      NETStandard.Library (>= 1.6.1)
    xunit.core (2.4.2)
      xunit.extensibility.core (2.4.2)
      xunit.extensibility.execution (2.4.2)
    xunit.extensibility.core (2.4.2)
      NETStandard.Library (>= 1.6.1)
      xunit.abstractions (>= 2.0.3)
    xunit.extensibility.execution (2.4.2)
      NETStandard.Library (>= 1.6.1)
      xunit.extensibility.core (2.4.2)
    xunit.runner.visualstudio (2.4.5)
