STORAGE: NONE
RESTRICTION: == net6.0
NUGET
  remote: https://api.nuget.org/v3/index.json
    Akka (1.4.42)
      Microsoft.Extensions.ObjectPool (>= 5.0.5)
      Newtonsoft.Json (>= 12.0.3)
      System.Collections.Immutable (>= 5.0)
      System.Configuration.ConfigurationManager (>= 4.7)
      System.Reflection.Emit (>= 4.7)
      System.Threading.Channels (>= 5.0)
    Microsoft.Extensions.ObjectPool (6.0.9)
    Microsoft.Win32.SystemEvents (6.0.1)
    Newtonsoft.Json (13.0.1)
    System.Collections.Immutable (6.0)
      System.Runtime.CompilerServices.Unsafe (>= 6.0)
    System.Configuration.ConfigurationManager (6.0.1)
      System.Security.Cryptography.ProtectedData (>= 6.0)
      System.Security.Permissions (>= 6.0)
    System.Drawing.Common (6.0)
      Microsoft.Win32.SystemEvents (>= 6.0)
    System.Reflection.Emit (4.7)
    System.Runtime.CompilerServices.Unsafe (6.0)
    System.Security.AccessControl (6.0)
    System.Security.Cryptography.ProtectedData (6.0)
    System.Security.Permissions (6.0)
      System.Security.AccessControl (>= 6.0)
      System.Windows.Extensions (>= 6.0)
    System.Threading.Channels (6.0)
    System.Windows.Extensions (6.0)
      System.Drawing.Common (>= 6.0)
